{
    "Modality": "MR",
    "MagneticFieldStrength": 3,
    "Manufacturer": "Siemens",
    "ManufacturersModelName": "Prisma_fit",
    "SeriesDescription": "T1w_MPRAGE_Structural",
    "MRAcquisitionType": "3D",
    "ScanningSequence": "GR_IR",
    "EchoTime": 0.00298,
    "RepetitionTime": 2.3,
    "FlipAngle": 9,
    "SliceThickness": 1.0,
    "PhaseEncodingDirection": "i"
}
